GIT
  remote: git://github.com/galetahub/simple-captcha.git
  revision: 2602bf19a63df25929960b5a7721a9d265281ec1
  specs:
    simple_captcha (0.1.6)

GIT
  remote: git://github.com/jongilbraith/simple-private-messages.git
  revision: 7ba7d3c9f7670ef3bddfc90390a49556a94f7013
  specs:
    simple-private-messages (0.0.0)

GEM
  remote: https://rubygems.org/
  specs:
    actionmailer (3.2.11)
      actionpack (= 3.2.11)
      mail (~> 2.4.4)
    actionpack (3.2.11)
      activemodel (= 3.2.11)
      activesupport (= 3.2.11)
      builder (~> 3.0.0)
      erubis (~> 2.7.0)
      journey (~> 1.0.4)
      rack (~> 1.4.0)
      rack-cache (~> 1.2)
      rack-test (~> 0.6.1)
      sprockets (~> 2.2.1)
    activemodel (3.2.11)
      activesupport (= 3.2.11)
      builder (~> 3.0.0)
    activerecord (3.2.11)
      activemodel (= 3.2.11)
      activesupport (= 3.2.11)
      arel (~> 3.0.2)
      tzinfo (~> 0.3.29)
    activeresource (3.2.11)
      activemodel (= 3.2.11)
      activesupport (= 3.2.11)
    activesupport (3.2.11)
      i18n (~> 0.6)
      multi_json (~> 1.0)
    acts_as_commentable_with_threading (1.2.0)
      activerecord (>= 3.0)
      activesupport (>= 3.0)
      awesome_nested_set (>= 2.0)
    arel (3.0.3)
    authlogic (3.4.5)
      activerecord (>= 3.2)
      activesupport (>= 3.2)
      request_store (~> 1.0)
      scrypt (~> 1.2)
    awesome_nested_set (2.1.6)
      activerecord (>= 3.0.0)
    bcrypt (3.1.10)
    builder (3.0.4)
    certified (1.0.0)
    coffee-rails (3.2.2)
      coffee-script (>= 2.2.0)
      railties (~> 3.2.0)
    coffee-script (2.4.1)
      coffee-script-source
      execjs
    coffee-script-source (1.9.1.1)
    commonjs (0.2.7)
    daemons (1.2.2)
    erubis (2.7.0)
    eventmachine (1.0.7)
    execjs (2.5.2)
    faraday (0.9.1)
      multipart-post (>= 1.2, < 3)
    ffi (1.9.8)
    ffi-compiler (0.1.3)
      ffi (>= 1.0.0)
      rake
    font-awesome-rails (4.3.0.0)
      railties (>= 3.2, < 5.0)
    hashie (3.4.2)
    hike (1.2.3)
    i18n (0.7.0)
    journey (1.0.4)
    jquery-rails (3.1.2)
      railties (>= 3.0, < 5.0)
      thor (>= 0.14, < 2.0)
    json (1.8.3)
    jwt (1.5.0)
    less (2.6.0)
      commonjs (~> 0.2.7)
    less-rails (2.6.0)
      actionpack (>= 3.1)
      less (~> 2.6.0)
    less-rails-bootstrap (3.3.4.0)
      less-rails (>= 2.6, <= 2.8)
    libv8 (3.16.14.7)
    mail (2.4.4)
      i18n (>= 0.4.0)
      mime-types (~> 1.16)
      treetop (~> 1.4.8)
    mime-types (1.25.1)
    multi_json (1.11.0)
    multi_xml (0.5.5)
    multipart-post (2.0.0)
    oauth2 (1.0.0)
      faraday (>= 0.8, < 0.10)
      jwt (~> 1.0)
      multi_json (~> 1.3)
      multi_xml (~> 0.5)
      rack (~> 1.2)
    obscenity (1.0.2)
    omniauth (1.2.2)
      hashie (>= 1.2, < 4)
      rack (~> 1.0)
    omniauth-facebook (2.0.1)
      omniauth-oauth2 (~> 1.2)
    omniauth-oauth2 (1.3.0)
      oauth2 (~> 1.0)
      omniauth (~> 1.2)
    pg (0.18.2)
    polyglot (0.3.5)
    power_assert (0.2.3)
    rack (1.4.5)
    rack-cache (1.2)
      rack (>= 0.4)
    rack-ssl (1.3.4)
      rack
    rack-test (0.6.3)
      rack (>= 1.0)
    rails (3.2.11)
      actionmailer (= 3.2.11)
      actionpack (= 3.2.11)
      activerecord (= 3.2.11)
      activeresource (= 3.2.11)
      activesupport (= 3.2.11)
      bundler (~> 1.0)
      railties (= 3.2.11)
    rails_12factor (0.0.3)
      rails_serve_static_assets
      rails_stdout_logging
    rails_serve_static_assets (0.0.4)
    rails_stdout_logging (0.0.3)
    railties (3.2.11)
      actionpack (= 3.2.11)
      activesupport (= 3.2.11)
      rack-ssl (~> 1.3.2)
      rake (>= 0.8.7)
      rdoc (~> 3.4)
      thor (>= 0.14.6, < 2.0)
    rake (10.4.2)
    rdoc (3.12.2)
      json (~> 1.4)
    ref (1.0.5)
    request_store (1.1.0)
    sass (3.2.19)
    sass-rails (3.2.6)
      railties (~> 3.2.0)
      sass (>= 3.1.10)
      tilt (~> 1.3)
    scrypt (1.2.1)
      ffi-compiler (>= 0.0.2)
      rake
    sprockets (2.2.3)
      hike (~> 1.2)
      multi_json (~> 1.0)
      rack (~> 1.0)
      tilt (~> 1.1, != 1.3.0)
    sqlite3 (1.3.10)
    test-unit (3.1.1)
      power_assert
    therubyracer (0.12.2)
      libv8 (~> 3.16.14.0)
      ref
    thin (1.6.3)
      daemons (~> 1.0, >= 1.0.9)
      eventmachine (~> 1.0)
      rack (~> 1.0)
    thor (0.19.1)
    tilt (1.4.1)
    tinymce-rails (4.1.6)
      railties (>= 3.1.1)
    treetop (1.4.15)
      polyglot
      polyglot (>= 0.3.1)
    twitter-bootstrap-rails (2.2.8)
      actionpack (>= 3.1)
      execjs
      rails (>= 3.1)
      railties (>= 3.1)
    tzinfo (0.3.44)
    uglifier (2.7.1)
      execjs (>= 0.3.0)
      json (>= 1.8.0)
    will_paginate (3.0.7)

PLATFORMS
  ruby

DEPENDENCIES
  acts_as_commentable_with_threading
  authlogic (~> 3.4.0)
  bcrypt
  certified
  coffee-rails
  font-awesome-rails
  jquery-rails
  less-rails-bootstrap
  obscenity
  omniauth-facebook
  pg
  rails (= 3.2.11)
  rails_12factor
  sass (~> 3.2.15)
  sass-rails
  scrypt
  simple-private-messages (= 0.0.0)!
  simple_captcha!
  sqlite3
  test-unit
  therubyracer
  thin
  tinymce-rails
  twitter-bootstrap-rails
  uglifier
  will_paginate (~> 3.0)
